PATH
  remote: .
  specs:
    sema (0.1.1)
      minitest (~> 5.0)

GEM
  remote: https://rubygems.org/
  specs:
    codelog (0.8.0)
      thor (~> 0.19)
    minitest (5.11.3)
    rake (13.0.6)
    thor (0.20.3)

PLATFORMS
  ruby

DEPENDENCIES
  bundler (~> 1.17)
  codelog (~> 0.8.0)
  minitest (~> 5.0)
  rake (~> 13.0)
  sema!

BUNDLED WITH
   1.17.2
